GIT
  remote: https://github.com/tootsuite/mastodon-api.git
  revision: 60b0ed09c3b979cbeb833db0a320b30e1b022a1e
  specs:
    mastodon-api (2.0.0)
      addressable (~> 2.6)
      buftok (~> 0)
      http (~> 4.0)
      oj (~> 3.7)

GEM
  remote: https://rubygems.org/
  specs:
    addressable (2.7.0)
      public_suffix (>= 2.0.2, < 5.0)
    buftok (0.2.0)
    domain_name (0.5.20190701)
      unf (>= 0.0.5, < 1.0.0)
    ffi (1.12.2)
    ffi-compiler (1.0.1)
      ffi (>= 1.0.0)
      rake
    http (4.4.1)
      addressable (~> 2.3)
      http-cookie (~> 1.0)
      http-form_data (~> 2.2)
      http-parser (~> 1.2.0)
    http-cookie (1.0.3)
      domain_name (~> 0.5)
    http-form_data (2.3.0)
    http-parser (1.2.1)
      ffi-compiler (>= 1.0, < 2.0)
    mini_portile2 (2.4.0)
    nokogiri (1.10.9)
      mini_portile2 (~> 2.4.0)
    oj (3.10.6)
    public_suffix (4.0.4)
    rake (13.0.1)
    unf (0.1.4)
      unf_ext
    unf_ext (0.0.7.7)

PLATFORMS
  ruby

DEPENDENCIES
  mastodon-api!
  nokogiri

BUNDLED WITH
   2.1.4
